GIT
  remote: https://github.com/GUI/seed-fu.git
  revision: 976b88e374f95f5a9ecc32a5409fef2e4c06303b
  branch: mongoid
  specs:
    seed-fu (2.3.3)
      activesupport (>= 3.1, < 4.2)

GIT
  remote: https://github.com/Paxa/jshintrb.git
  revision: f7ece705fb8628ec13c2f880f9004483380810f3
  specs:
    jshintrb (0.2.4)
      execjs
      multi_json (>= 1.3)
      rake

GEM
  remote: https://rubygems.org/
  remote: https://rails-assets.org/
  specs:
    actionmailer (3.2.19)
      actionpack (= 3.2.19)
      mail (~> 2.5.4)
    actionpack (3.2.19)
      activemodel (= 3.2.19)
      activesupport (= 3.2.19)
      builder (~> 3.0.0)
      erubis (~> 2.7.0)
      journey (~> 1.0.4)
      rack (~> 1.4.5)
      rack-cache (~> 1.2)
      rack-test (~> 0.6.1)
      sprockets (~> 2.2.1)
    active_model_serializers (0.9.0)
      activemodel (>= 3.2)
    activemodel (3.2.19)
      activesupport (= 3.2.19)
      builder (~> 3.0.0)
    activerecord (3.2.19)
      activemodel (= 3.2.19)
      activesupport (= 3.2.19)
      arel (~> 3.0.2)
      tzinfo (~> 0.3.29)
    activeresource (3.2.19)
      activemodel (= 3.2.19)
      activesupport (= 3.2.19)
    activesupport (3.2.19)
      i18n (~> 0.6, >= 0.6.4)
      multi_json (~> 1.0)
    addressable (2.3.6)
    arel (3.0.3)
    ast (2.0.0)
    awesome_print (1.2.0)
    babosa (0.3.11)
    barber (0.4.2)
      ember-source
      execjs
      handlebars-source
    bcrypt (3.1.7)
    bcrypt (3.1.7-java)
    bootstrap-sass (2.3.2.2)
      sass (~> 3.2)
    builder (3.0.4)
    capistrano (3.2.1)
      i18n
      rake (>= 10.0.0)
      sshkit (~> 1.3)
    capistrano-bundler (1.1.3)
      capistrano (~> 3.1)
      sshkit (~> 1.2)
    capistrano-rails (1.1.2)
      capistrano (~> 3.1)
      capistrano-bundler (~> 1.1)
    capybara (2.4.1)
      mime-types (>= 1.16)
      nokogiri (>= 1.3.3)
      rack (>= 1.0.0)
      rack-test (>= 0.5.4)
      xpath (~> 2.0)
    childprocess (0.5.3)
      ffi (~> 1.0, >= 1.0.11)
    chunky_png (1.3.1)
    cliver (0.3.2)
    colorize (0.7.3)
    compass (1.0.1)
      chunky_png (~> 1.2)
      compass-core (~> 1.0.1)
      compass-import-once (~> 1.0.5)
      rb-fsevent (>= 0.9.3)
      rb-inotify (>= 0.9)
      sass (>= 3.3.13, < 3.5)
    compass-core (1.0.1)
      multi_json (~> 1.0)
      sass (>= 3.3.0, < 3.5)
    compass-import-once (1.0.5)
      sass (>= 3.2, < 3.5)
    compass-rails (1.1.7)
      compass (>= 0.12.2)
      sprockets (<= 2.11.0)
    countries (0.9.3)
      currencies (~> 0.4.2)
    coveralls (0.7.1)
      multi_json (~> 1.3)
      rest-client
      simplecov (>= 0.7)
      term-ansicolor
      thor
    crummy (1.8.0)
    css_parser (1.3.5)
      addressable
    csv_builder (2.1.1)
      actionpack (>= 3.0.0)
    currencies (0.4.2)
    daemons (1.1.9)
    database_cleaner (1.3.0)
    delayed_job (4.0.2)
      activesupport (>= 3.0, < 4.2)
    delayed_job_mongoid (2.1.0)
      delayed_job (>= 3.0, < 5)
      mongoid (>= 3.0, < 5)
    devise (3.2.4)
      bcrypt (~> 3.0)
      orm_adapter (~> 0.1)
      railties (>= 3.2.6, < 5)
      thread_safe (~> 0.1)
      warden (~> 1.2.3)
    diff-lcs (1.2.5)
    diffy (3.0.6)
    docile (1.1.5)
    dotenv (0.11.1)
      dotenv-deployment (~> 0.0.2)
    dotenv-deployment (0.0.2)
    dotenv-rails (0.11.1)
      dotenv (= 0.11.1)
    elasticsearch (1.0.4)
      elasticsearch-api (= 1.0.4)
      elasticsearch-transport (= 1.0.4)
    elasticsearch-api (1.0.4)
      multi_json
    elasticsearch-transport (1.0.4)
      faraday
      multi_json
    ember-data-source (1.0.0.beta.9)
      ember-source
    ember-rails (0.15.0)
      active_model_serializers
      barber (>= 0.4.1)
      ember-data-source (>= 1.0.0.beta.5)
      ember-source (>= 1.1.0)
      execjs (>= 1.2)
      handlebars-source (> 1.0.0)
      jquery-rails (>= 1.0.17)
      railties (>= 3.1)
    ember-source (1.7.0)
      handlebars-source (~> 1.0)
    erubis (2.7.0)
    execjs (2.2.1)
    factory_girl (4.4.0)
      activesupport (>= 3.0.0)
    factory_girl_rails (4.4.1)
      factory_girl (~> 4.4.0)
      railties (>= 3.0.0)
    faraday (0.9.0)
      multipart-post (>= 1.2, < 3)
    ffi (1.9.3)
    ffi (1.9.3-java)
    handlebars-source (1.3.0)
    hashie (3.3.1)
    hike (1.2.3)
    htmlentities (4.3.2)
    i18n (0.6.11)
    jbuilder (2.1.3)
      activesupport (>= 3.0.0, < 5)
      multi_json (~> 1.2)
    journey (1.0.4)
    jquery-rails (3.1.2)
      railties (>= 3.0, < 5.0)
      thor (>= 0.14, < 2.0)
    json (1.8.1)
    json (1.8.1-java)
    jwt (1.0.0)
    kaminari (0.15.1)
      actionpack (>= 3.0.0)
      activesupport (>= 3.0.0)
    kaminari-bootstrap (0.1.3)
      kaminari (>= 0.13.0)
      rails
    libv8 (3.16.14.3)
    mail (2.5.4)
      mime-types (~> 1.16)
      treetop (~> 1.4.8)
    mime-types (1.25.1)
    mini_portile (0.6.0)
    mongoid (3.1.6)
      activemodel (~> 3.2)
      moped (~> 1.4)
      origin (~> 1.0)
      tzinfo (~> 0.3.29)
    mongoid-embedded-errors (2.0.1)
      mongoid (>= 3.0.0)
    mongoid-tree (1.0.4)
      mongoid (>= 3.0, <= 4.0)
    mongoid_delorean (1.2.1)
      mongoid (>= 3.0.0)
    mongoid_orderable (4.1.0)
      mongoid
    mongoid_rails_migrations (1.0.1)
      activesupport (>= 3.2.0)
      bundler (>= 1.0.0)
      rails (>= 3.2.0)
      railties (>= 3.2.0)
    mongoid_userstamp (0.3.2)
      mongoid (>= 3.0.4)
    moped (1.5.2)
    multi_json (1.10.1)
    multi_xml (0.5.5)
    multipart-post (2.0.0)
    net-scp (1.2.1)
      net-ssh (>= 2.6.5)
    net-ssh (2.9.1)
    netrc (0.7.7)
    nokogiri (1.6.3.1)
      mini_portile (= 0.6.0)
    nokogiri (1.6.3.1-java)
    oauth2 (1.0.0)
      faraday (>= 0.8, < 0.10)
      jwt (~> 1.0)
      multi_json (~> 1.3)
      multi_xml (~> 0.5)
      rack (~> 1.2)
    oj (2.10.2)
    omniauth (1.2.2)
      hashie (>= 1.2, < 4)
      rack (~> 1.0)
    omniauth-google-oauth2 (0.2.5)
      omniauth (> 1.0)
      omniauth-oauth2 (~> 1.1)
    omniauth-oauth2 (1.2.0)
      faraday (>= 0.8, < 0.10)
      multi_json (~> 1.3)
      oauth2 (~> 1.0)
      omniauth (~> 1.2)
    omniauth-persona (0.0.1)
      faraday
      multi_json
      omniauth (~> 1.0)
    origin (1.1.0)
    orm_adapter (0.5.0)
    parser (2.2.0.pre.4)
      ast (>= 1.1, < 3.0)
      slop (~> 3.4, >= 3.4.5)
    poltergeist (1.5.1)
      capybara (~> 2.1)
      cliver (~> 0.3.1)
      multi_json (~> 1.0)
      websocket-driver (>= 0.2.0)
    polyglot (0.3.5)
    powerpack (0.0.9)
    premailer (1.8.2)
      css_parser (>= 1.3.5)
      htmlentities (>= 4.0.0)
    premailer-rails (1.7.0)
      actionmailer (>= 3, < 5)
      premailer (~> 1.7, >= 1.7.9)
    psych (2.0.5)
    puma (2.9.0)
      rack (>= 1.1, < 2.0)
    puma (2.9.0-java)
      rack (>= 1.1, < 2.0)
    pundit (0.3.0)
      activesupport (>= 3.0.0)
    rabl (0.11.0)
      activesupport (>= 2.3.14)
    rack (1.4.5)
    rack-cache (1.2)
      rack (>= 0.4)
    rack-ssl (1.3.4)
      rack
    rack-test (0.6.2)
      rack (>= 1.0)
    rack-timeout (0.0.4)
    rails (3.2.19)
      actionmailer (= 3.2.19)
      actionpack (= 3.2.19)
      activerecord (= 3.2.19)
      activeresource (= 3.2.19)
      activesupport (= 3.2.19)
      bundler (~> 1.0)
      railties (= 3.2.19)
    rails-assets-ace-builds (1.1.6)
    rails-assets-bootbox (3.3.0)
    rails-assets-bootstrap-daterangepicker (1.3.12)
      rails-assets-jquery (>= 1.10)
      rails-assets-moment (~> 2.8.0)
    rails-assets-datatables (1.10.2)
      rails-assets-jquery (>= 1.7.0)
    rails-assets-ember (1.7.0)
      rails-assets-handlebars (>= 1.0.0, < 2.0.0)
      rails-assets-jquery (>= 1.7.0, < 2.2.0)
    rails-assets-ember-model (0.0.11)
      rails-assets-ember (~> 1.0)
    rails-assets-fontawesome (4.2.0)
    rails-assets-handlebars (1.3.0)
    rails-assets-html5shiv (3.7.2)
    rails-assets-ic-ajax (2.0.1)
      rails-assets-ember (>= 1.2, < 2)
    rails-assets-inflection (1.4.1)
    rails-assets-jquery (1.11.1)
    rails-assets-jquery-bbq-deparam (1.2.1)
    rails-assets-jsdiff (1.0.8)
    rails-assets-jstz-detect (1.0.5)
    rails-assets-livestampjs (1.1.2)
    rails-assets-lodash (2.4.1)
    rails-assets-microplugin (0.0.3)
    rails-assets-moment (2.8.2)
    rails-assets-numeral (1.5.3)
    rails-assets-pnotify (2.0.1)
    rails-assets-qtip2 (2.2.0)
    rails-assets-selectize (0.11.0)
      rails-assets-jquery (>= 1.7.0)
      rails-assets-microplugin (~> 0.0.0)
      rails-assets-sifter (~> 0.3.0)
    rails-assets-sifter (0.3.4)
    rails-assets-spinjs (2.0.1)
    rails_config (0.3.4)
      activesupport (>= 3.0)
    railties (3.2.19)
      actionpack (= 3.2.19)
      activesupport (= 3.2.19)
      rack-ssl (~> 1.3.2)
      rake (>= 0.8.7)
      rdoc (~> 3.4)
      thor (>= 0.14.6, < 2.0)
    rainbow (2.0.0)
    rake (10.3.2)
    rb-fsevent (0.9.4)
    rb-inotify (0.9.5)
      ffi (>= 0.5.0)
    rdoc (3.12.2)
      json (~> 1.4)
    ref (1.0.5)
    rest-client (1.7.2)
      mime-types (>= 1.16, < 3.0)
      netrc (~> 0.7)
    rspec (2.99.0)
      rspec-core (~> 2.99.0)
      rspec-expectations (~> 2.99.0)
      rspec-mocks (~> 2.99.0)
    rspec-collection_matchers (1.0.0)
      rspec-expectations (>= 2.99.0.beta1)
    rspec-core (2.99.2)
    rspec-expectations (2.99.2)
      diff-lcs (>= 1.1.3, < 2.0)
    rspec-html-matchers (0.5.0)
      nokogiri (~> 1)
      rspec (~> 2, >= 2.11.0)
    rspec-mocks (2.99.2)
    rspec-rails (2.99.0)
      actionpack (>= 3.0)
      activemodel (>= 3.0)
      activesupport (>= 3.0)
      railties (>= 3.0)
      rspec-collection_matchers
      rspec-core (~> 2.99.0)
      rspec-expectations (~> 2.99.0)
      rspec-mocks (~> 2.99.0)
    rubocop (0.25.0)
      parser (>= 2.2.0.pre.4, < 3.0)
      powerpack (~> 0.0.6)
      rainbow (>= 1.99.1, < 3.0)
      ruby-progressbar (~> 1.4)
    ruby-progressbar (1.5.1)
    safe_yaml (1.0.3)
    sass (3.4.1)
    sass-rails (3.2.6)
      railties (~> 3.2.0)
      sass (>= 3.1.10)
      tilt (~> 1.3)
    settingslogic (2.0.9)
    simple_form (2.1.1)
      actionpack (~> 3.0)
      activemodel (~> 3.0)
    simplecov (0.9.0)
      docile (~> 1.1.0)
      multi_json
      simplecov-html (~> 0.8.0)
    simplecov-html (0.8.0)
    slop (3.6.0)
    sprockets (2.2.2)
      hike (~> 1.2)
      multi_json (~> 1.0)
      rack (~> 1.0)
      tilt (~> 1.1, != 1.3.0)
    sprockets-urlrewriter (0.1.2)
      sprockets
    sshkit (1.5.1)
      colorize
      net-scp (>= 1.1.2)
      net-ssh (>= 2.8.0)
    tabs_on_rails (2.2.0)
    term-ansicolor (1.3.0)
      tins (~> 1.0)
    therubyracer (0.12.1)
      libv8 (~> 3.16.14.0)
      ref
    thor (0.19.1)
    thread_safe (0.3.4)
    thread_safe (0.3.4-java)
    tilt (1.4.1)
    tins (1.3.2)
    treetop (1.4.15)
      polyglot
      polyglot (>= 0.3.1)
    turbo-sprockets-rails3 (0.3.13)
      railties (> 3.2.8, < 4.0.0)
      sprockets (>= 2.2.0)
    tzinfo (0.3.41)
    uglifier (2.5.3)
      execjs (>= 0.3.0)
      json (>= 1.8.0)
    uuidtools (2.1.5)
    warden (1.2.3)
      rack (>= 1.0)
    websocket-driver (0.3.4)
    websocket-driver (0.3.4-java)
    xpath (2.0.0)
      nokogiri (~> 1.3)

PLATFORMS
  java
  ruby

DEPENDENCIES
  awesome_print (~> 1.2.0)
  babosa (~> 0.3.11)
  bootstrap-sass (~> 2.3.2.2)
  capistrano (~> 3.2.1)
  capistrano-rails (~> 1.1.1)
  capybara (~> 2.4.1)
  childprocess (~> 0.5.1)
  compass-rails (~> 1.1.7)
  countries (~> 0.9.3)
  coveralls (~> 0.7.0)
  crummy (~> 1.8.0)
  csv_builder (~> 2.1.1)
  daemons (~> 1.1.9)
  database_cleaner (~> 1.3.0)
  delayed_job_mongoid (~> 2.1.0)
  devise (~> 3.2.4)
  diffy (~> 3.0.3)
  dotenv-rails (~> 0.11.1)
  elasticsearch (~> 1.0.4)
  ember-rails (~> 0.15.0)
  ember-source (~> 1.7.0)
  factory_girl_rails (~> 4.4.1)
  jbuilder (~> 2.1.3)
  jquery-rails (~> 3.1.0)
  jshintrb (~> 0.2.4)!
  kaminari (~> 0.15.1)
  kaminari-bootstrap (~> 0.1.3)
  mongoid (~> 3.1.6)
  mongoid-embedded-errors (~> 2.0.1)
  mongoid-tree (~> 1.0.4)
  mongoid_delorean (~> 1.2.1)
  mongoid_orderable (~> 4.1.0)
  mongoid_rails_migrations (~> 1.0.1)
  mongoid_userstamp (~> 0.3.2)
  multi_json (~> 1.10.1)
  oj (~> 2.10.2)
  omniauth (~> 1.2.1)
  omniauth-google-oauth2 (~> 0.2.2)
  omniauth-persona (~> 0.0.1)
  poltergeist (~> 1.5.0)
  premailer-rails (~> 1.7.0)
  psych (~> 2.0.5)
  puma (~> 2.9.0)
  pundit (~> 0.3.0)
  rabl (~> 0.11.0)
  rack-timeout (~> 0.0.4)
  rails (~> 3.2.19)
  rails-assets-ace-builds (~> 1.1.6)
  rails-assets-bootbox (~> 3.3.0)
  rails-assets-bootstrap-daterangepicker (~> 1.3.12)
  rails-assets-datatables (~> 1.10.2)
  rails-assets-ember-model (~> 0.0.11)
  rails-assets-fontawesome (~> 4.2.0)
  rails-assets-html5shiv (~> 3.7.0)
  rails-assets-ic-ajax (~> 2.0.1)
  rails-assets-inflection (~> 1.4.0)
  rails-assets-jquery (~> 1.11.0)
  rails-assets-jquery-bbq-deparam (~> 1.2.1)
  rails-assets-jsdiff (~> 1.0.8)
  rails-assets-jstz-detect (~> 1.0.5)
  rails-assets-livestampjs (~> 1.1.2)
  rails-assets-lodash (~> 2.4.1)
  rails-assets-moment (~> 2.8.2)
  rails-assets-numeral (~> 1.5.3)
  rails-assets-pnotify (~> 2.0.1)
  rails-assets-qtip2 (~> 2.2.0)
  rails-assets-selectize (~> 0.11.0)
  rails-assets-spinjs (~> 2.0.0)
  rails_config (~> 0.3.3)
  rspec-html-matchers (~> 0.5.0)
  rspec-rails (~> 2.99.0)
  rubocop (~> 0.25.0)
  safe_yaml (~> 1.0.1)
  sass (= 3.4.1)
  sass-rails (~> 3.2.6)
  seed-fu!
  settingslogic (~> 2.0.9)
  simple_form (~> 2.1.1)
  sprockets-urlrewriter (~> 0.1.2)
  tabs_on_rails (~> 2.2.0)
  therubyracer (~> 0.12.1)
  turbo-sprockets-rails3 (= 0.3.13)
  uglifier (~> 2.5.0)
  uuidtools (~> 2.1.4)
