GEM
  remote: http://rubygems.org/
  specs:
    SystemTimer (1.2.1)
    activemodel (3.0.3)
      activesupport (= 3.0.3)
      builder (~> 2.1.2)
      i18n (~> 0.4)
    activesupport (3.0.3)
    bson (1.2.0)
    bson_ext (1.2.0)
    builder (2.1.2)
    daemons (1.1.0)
    eventmachine (0.12.10)
    i18n (0.5.0)
    mongo (1.2.0)
      bson (>= 1.2.0)
    mongo_ext (0.19.3)
    mongoid (2.0.0.rc.6)
      activemodel (~> 3.0)
      mongo (~> 1.2)
      tzinfo (~> 0.3.22)
      will_paginate (~> 3.0.pre)
    rack (1.2.1)
    rack-throttle (0.3.0)
      rack (>= 1.0.0)
    redis (2.1.1)
    thin (1.2.7)
      daemons (>= 1.0.9)
      eventmachine (>= 0.12.6)
      rack (>= 1.0.0)
    tzinfo (0.3.24)
    will_paginate (3.0.pre2)
    yajl-ruby (0.7.9)

PLATFORMS
  ruby

DEPENDENCIES
  SystemTimer (= 1.2.1)
  activesupport (= 3.0.3)
  bson_ext (= 1.2.0)
  mongo_ext (= 0.19.3)
  mongoid (= 2.0.0.rc.6)
  rack (= 1.2.1)
  rack-throttle (= 0.3.0)
  redis (= 2.1.1)
  thin (= 1.2.7)
  yajl-ruby (= 0.7.9)
