GIT
  remote: https://github.com/ThriveTRM/capybara-chromedriver-logger.git
  revision: 77b9c9a11d8ed18719fb2288dd74952bb87b4c44
  branch: do-not-raise-on-filtered-errors
  specs:
    capybara-chromedriver-logger (0.3.0)
      capybara
      colorize

GEM
  remote: https://rubygems.org/
  specs:
    active_attr (0.12.0)
      activemodel (>= 3.0.2, < 6.0)
      activesupport (>= 3.0.2, < 6.0)
    activemodel (5.2.2)
      activesupport (= 5.2.2)
    activerecord (5.2.2)
      activemodel (= 5.2.2)
      activesupport (= 5.2.2)
      arel (>= 9.0)
    activesupport (5.2.2)
      concurrent-ruby (~> 1.0, >= 1.0.2)
      i18n (>= 0.7, < 2)
      minitest (~> 5.1)
      tzinfo (~> 1.1)
    addressable (2.6.0)
      public_suffix (>= 2.0.2, < 4.0)
    ansi (1.5.0)
    archive-zip (0.11.0)
      io-like (~> 0.3.0)
    arel (9.0.0)
    ast (2.4.0)
    awesome_print (1.8.0)
    bcrypt (3.1.12)
    builder (3.2.3)
    capybara (3.13.2)
      addressable
      mini_mime (>= 0.1.3)
      nokogiri (~> 1.8)
      rack (>= 1.6.0)
      rack-test (>= 0.6.3)
      regexp_parser (~> 1.2)
      xpath (~> 3.2)
    capybara-screenshot (1.0.22)
      capybara (>= 1.0, < 4)
      launchy
    childprocess (0.9.0)
      ffi (~> 1.0, >= 1.0.11)
    chromedriver-helper (2.1.0)
      archive-zip (~> 0.10)
      nokogiri (~> 1.8)
    colorize (0.8.1)
    concurrent-ruby (1.1.4)
    database_cleaner (1.7.0)
    elasticsearch (6.1.0)
      elasticsearch-api (= 6.1.0)
      elasticsearch-transport (= 6.1.0)
    elasticsearch-api (6.1.0)
      multi_json
    elasticsearch-transport (6.1.0)
      faraday
      multi_json
    encryptor (3.0.0)
    ethon (0.12.0)
      ffi (>= 1.3.0)
    factory_bot (5.0.0)
      activesupport (>= 4.2.0)
    faker (1.9.3)
      i18n (>= 0.7)
    faraday (0.15.4)
      multipart-post (>= 1.2, < 3)
    ffi (1.10.0)
    i18n (1.5.3)
      concurrent-ruby (~> 1.0)
    io-like (0.3.0)
    jaro_winkler (1.5.2)
    launchy (2.4.3)
      addressable (~> 2.3)
    mini_mime (1.0.1)
    mini_portile2 (2.4.0)
    minitest (5.11.3)
    minitest-ci (3.4.0)
      minitest (>= 5.0.6)
    minitest-hooks (1.5.0)
      minitest (> 5.3)
    minitest-reporters (1.3.6)
      ansi
      builder
      minitest (>= 5.0)
      ruby-progressbar
    minitest-sprint (1.2.0)
      path_expander (~> 1.0)
    multi_json (1.13.1)
    multipart-post (2.0.0)
    nokogiri (1.10.1)
      mini_portile2 (~> 2.4.0)
    oj (3.7.8)
    parallel (1.13.0)
    parser (2.6.0.0)
      ast (~> 2.4.0)
    path_expander (1.0.3)
    pg (1.1.4)
    powerpack (0.1.2)
    public_suffix (3.0.3)
    rack (2.0.6)
    rack-test (1.1.0)
      rack (>= 1.0, < 3)
    rails_compatible_cookies_utils (0.1.2)
    rainbow (3.0.0)
    rake (12.3.2)
    regexp_parser (1.3.0)
    rubocop (0.64.0)
      jaro_winkler (~> 1.5.1)
      parallel (~> 1.10)
      parser (>= 2.5, != 2.5.1.1)
      powerpack (~> 0.1)
      rainbow (>= 2.2.2, < 4.0)
      ruby-progressbar (~> 1.7)
      unicode-display_width (~> 1.4.0)
    ruby-progressbar (1.10.0)
    rubyzip (1.2.2)
    selenium-webdriver (3.141.0)
      childprocess (~> 0.5)
      rubyzip (~> 1.2, >= 1.2.2)
    thread_safe (0.3.6)
    typhoeus (1.3.1)
      ethon (>= 0.9.0)
    tzinfo (1.2.5)
      thread_safe (~> 0.1)
    unicode-display_width (1.4.1)
    xpath (3.2.0)
      nokogiri (~> 1.8)
    zonebie (0.6.1)

PLATFORMS
  ruby

DEPENDENCIES
  active_attr (~> 0.12.0)
  activerecord (~> 5.2.0)
  activesupport (~> 5.2.0)
  addressable (~> 2.6.0)
  awesome_print (~> 1.8.0)
  bcrypt (~> 3.1.12)
  capybara (~> 3.13.2)
  capybara-chromedriver-logger (~> 0.3.0)!
  capybara-screenshot (~> 1.0.22)
  childprocess (~> 0.9.0)
  chromedriver-helper (~> 2.1.0)
  concurrent-ruby (~> 1.1.1)
  database_cleaner (~> 1.7.0)
  elasticsearch (~> 6.1.0)
  encryptor (~> 3.0.0)
  factory_bot (~> 5.0.0)
  faker (~> 1.9.1)
  minitest (~> 5.11.3)
  minitest-ci (~> 3.4.0)
  minitest-hooks (~> 1.5.0)
  minitest-reporters (~> 1.3.0)
  minitest-sprint (~> 1.2.0)
  multi_json (~> 1.13.1)
  nokogiri (~> 1.10.0)
  oj (~> 3.7.0)
  pg (~> 1.1.4)
  rails_compatible_cookies_utils (~> 0.1.0)
  rainbow (~> 3.0.0)
  rake (~> 12.3.1)
  rubocop (~> 0.64.0)
  selenium-webdriver (~> 3.141)
  typhoeus (~> 1.3.0)
  zonebie (~> 0.6.1)

BUNDLED WITH
   1.17.3
