GIT
  remote: https://github.com/GUI/minitest-capybara.git
  revision: 74743d1472891da8636d773557297495cf8d6a77
  specs:
    minitest-capybara (0.8.2)
      capybara (~> 2.2)
      minitest (~> 5.0)
      rake

GEM
  remote: https://rubygems.org/
  specs:
    activemodel (5.1.4)
      activesupport (= 5.1.4)
    activerecord (5.1.4)
      activemodel (= 5.1.4)
      activesupport (= 5.1.4)
      arel (~> 8.0)
    activesupport (5.1.4)
      concurrent-ruby (~> 1.0, >= 1.0.2)
      i18n (~> 0.7)
      minitest (~> 5.1)
      tzinfo (~> 1.1)
    addressable (2.5.2)
      public_suffix (>= 2.0.2, < 4.0)
    ansi (1.5.0)
    arel (8.0.0)
    ast (2.3.0)
    awesome_print (1.8.0)
    axiom-types (0.1.1)
      descendants_tracker (~> 0.0.4)
      ice_nine (~> 0.11.0)
      thread_safe (~> 0.3, >= 0.3.1)
    bcrypt (3.1.11)
    builder (3.2.3)
    capybara (2.15.4)
      addressable
      mini_mime (>= 0.1.3)
      nokogiri (>= 1.3.3)
      rack (>= 1.0.0)
      rack-test (>= 0.5.4)
      xpath (~> 2.0)
    capybara-screenshot (1.0.18)
      capybara (>= 1.0, < 3)
      launchy
    childprocess (0.8.0)
      ffi (~> 1.0, >= 1.0.11)
    cliver (0.3.2)
    coercible (1.0.0)
      descendants_tracker (~> 0.0.1)
    concurrent-ruby (1.0.5)
    database_cleaner (1.6.2)
    descendants_tracker (0.0.4)
      thread_safe (~> 0.3, >= 0.3.1)
    elasticsearch (2.0.2)
      elasticsearch-api (= 2.0.2)
      elasticsearch-transport (= 2.0.2)
    elasticsearch-api (2.0.2)
      multi_json
    elasticsearch-model (5.0.0)
      activesupport (> 3)
      elasticsearch (> 1)
      hashie
    elasticsearch-persistence (0.1.9)
      activemodel (> 3)
      activesupport (> 3)
      elasticsearch (> 0.4)
      elasticsearch-model (>= 0.1)
      hashie
      virtus
    elasticsearch-transport (2.0.2)
      faraday
      multi_json
    encryptor (3.0.0)
    equalizer (0.0.11)
    ethon (0.11.0)
      ffi (>= 1.3.0)
    factory_girl (4.8.1)
      activesupport (>= 3.0.0)
    faker (1.8.4)
      i18n (~> 0.5)
    faraday (0.13.1)
      multipart-post (>= 1.2, < 3)
    ffi (1.9.18)
    hashie (3.5.6)
    i18n (0.9.1)
      concurrent-ruby (~> 1.0)
    ice_nine (0.11.2)
    launchy (2.4.3)
      addressable (~> 2.3)
    lazyhash (0.1.1)
    mini_mime (0.1.4)
    mini_portile2 (2.3.0)
    minitest (5.10.3)
    minitest-ci (3.3.0)
      minitest (>= 5.0.6)
    minitest-hooks (1.4.2)
    minitest-reporters (1.1.18)
      ansi
      builder
      minitest (>= 5.0)
      ruby-progressbar
    minitest-sprint (1.2.0)
      path_expander (~> 1.0)
    multi_json (1.12.2)
    multipart-post (2.0.0)
    nokogiri (1.8.1)
      mini_portile2 (~> 2.3.0)
    oj (3.3.9)
    parallel (1.12.0)
    parser (2.4.0.0)
      ast (~> 2.2)
    path_expander (1.0.2)
    pg (0.21.0)
    poltergeist (1.16.0)
      capybara (~> 2.1)
      cliver (~> 0.3.1)
      websocket-driver (>= 0.2.0)
    powerpack (0.1.1)
    public_suffix (3.0.0)
    rack (2.0.3)
    rack-test (0.7.0)
      rack (>= 1.0, < 3)
    rails_compatible_cookies_utils (0.1.2)
    rainbow (2.2.2)
      rake
    rake (12.2.1)
    rubocop (0.51.0)
      parallel (~> 1.10)
      parser (>= 2.3.3.1, < 3.0)
      powerpack (~> 0.1)
      rainbow (>= 2.2.2, < 3.0)
      ruby-progressbar (~> 1.7)
      unicode-display_width (~> 1.0, >= 1.0.1)
    ruby-progressbar (1.9.0)
    thread_safe (0.3.6)
    typhoeus (1.3.0)
      ethon (>= 0.9.0)
    tzinfo (1.2.4)
      thread_safe (~> 0.1)
    unicode-display_width (1.3.0)
    virtus (1.0.5)
      axiom-types (~> 0.1)
      coercible (~> 1.0)
      descendants_tracker (~> 0.0, >= 0.0.3)
      equalizer (~> 0.0, >= 0.0.9)
    websocket-driver (0.7.0)
      websocket-extensions (>= 0.1.0)
    websocket-extensions (0.1.2)
    xpath (2.1.0)
      nokogiri (~> 1.3)
    zonebie (0.6.1)

PLATFORMS
  ruby

DEPENDENCIES
  activerecord (~> 5.1.4)
  activesupport (~> 5.1.2)
  addressable (~> 2.5.1)
  awesome_print (~> 1.8.0)
  bcrypt (~> 3.1.11)
  capybara (~> 2.15.4)
  capybara-screenshot (~> 1.0.18)
  childprocess (~> 0.8.0)
  concurrent-ruby (~> 1.0.5)
  database_cleaner (~> 1.6.2)
  elasticsearch (~> 2.0.2)
  elasticsearch-persistence (~> 0.1.9)
  encryptor (~> 3.0.0)
  factory_girl (~> 4.8.0)
  faker (~> 1.8.3)
  lazyhash (~> 0.1.1)
  minitest (~> 5.10.1)
  minitest-capybara (~> 0.8.2)!
  minitest-ci (~> 3.3.0)
  minitest-hooks (~> 1.4.2)
  minitest-reporters (~> 1.1.18)
  minitest-sprint (~> 1.2.0)
  multi_json (~> 1.12.1)
  nokogiri (~> 1.8.1)
  oj (~> 3.3.9)
  pg (~> 0.21.0)
  poltergeist (~> 1.16.0)
  rails_compatible_cookies_utils (~> 0.1.0)
  rainbow (~> 2.2.1)
  rake (~> 12.2.1)
  rubocop (~> 0.51.0)
  typhoeus (~> 1.3.0)
  zonebie (~> 0.6.1)

BUNDLED WITH
   1.15.1
