GIT
  remote: http://github.com/NREL/api-umbrella-gatekeeper.git
  revision: 528aad6749fe74aa6ca0847f00ebff3340de3d6d
  specs:
    api-umbrella-gatekeeper (0.0.1)
      activesupport (~> 3.2.7)
      bson_ext
      em-proxy
      eventmachine (>= 1.0.0.rc.4)
      hiredis
      http_parser.rb
      mongoid (~> 2.4.12)
      rack
      rack-throttle
      redis
      thin
      trollop
      yajl-ruby

GIT
  remote: http://github.com/NREL/capistrano_nrel_ext.git
  revision: d604afad83a5d7bdd0f312d05cae1c4ab5647dd0
  specs:
    capistrano_nrel_ext (0.2.22)
      capistrano
      chronic (>= 0.6.0)
      diffy
      erubis (>= 2.6.0)
      net-ssh (~> 2.4.0)
      tzinfo (>= 0.3.0)

GEM
  remote: https://rubygems.org/
  specs:
    activemodel (3.2.8)
      activesupport (= 3.2.8)
      builder (~> 3.0.0)
    activesupport (3.2.8)
      i18n (~> 0.6)
      multi_json (~> 1.0)
    bson (1.7.0)
    bson_ext (1.7.0)
      bson (~> 1.7.0)
    builder (3.0.2)
    capistrano (2.13.3)
      highline
      net-scp (>= 1.0.0)
      net-sftp (>= 2.0.0)
      net-ssh (>= 2.0.14)
      net-ssh-gateway (>= 1.1.0)
    capistrano-ext (1.2.1)
      capistrano (>= 1.0.0)
    chronic (0.7.0)
    daemons (1.1.9)
    diffy (2.0.8)
    em-proxy (0.1.6)
      eventmachine
    erubis (2.7.0)
    eventmachine (1.0.0.rc.4)
    highline (1.6.14)
    hiredis (0.4.5)
    http_parser.rb (0.5.3)
    i18n (0.6.1)
    jruby-pageant (1.1.1)
    mongo (1.3.1)
      bson (>= 1.3.1)
    mongoid (2.4.12)
      activemodel (~> 3.1)
      mongo (<= 1.6.2)
      tzinfo (~> 0.3.22)
    multi_json (1.3.6)
    net-scp (1.0.4)
      net-ssh (>= 1.99.1)
    net-sftp (2.0.5)
      net-ssh (>= 2.0.9)
    net-ssh (2.4.0)
      jruby-pageant (>= 1.0.2)
    net-ssh-gateway (1.1.0)
      net-ssh (>= 1.99.1)
    rack (1.4.1)
    rack-throttle (0.3.0)
      rack (>= 1.0.0)
    redis (3.0.1)
    thin (1.4.1)
      daemons (>= 1.0.9)
      eventmachine (>= 0.12.6)
      rack (>= 1.0.0)
    trollop (2.0)
    tzinfo (0.3.33)
    yajl-ruby (1.1.0)

PLATFORMS
  ruby

DEPENDENCIES
  api-umbrella-gatekeeper!
  capistrano-ext
  capistrano_nrel_ext!
