GIT
  remote: http://github.com/NREL/api-umbrella-gatekeeper.git
  revision: da54ef1571acee5a018f7797749dabd7a0da00d2
  specs:
    api-umbrella-gatekeeper (0.0.1)
      activesupport (~> 3.2.7)
      em-proxy
      eventmachine (>= 1.0.0)
      hiredis
      http_parser.rb
      mongoid (>= 3.0.0)
      rack
      rack-throttle
      redis
      thin
      trollop
      yajl-ruby

GIT
  remote: http://github.com/NREL/capistrano_nrel_ext.git
  revision: d7040e02d2452ded128d7dfb93221f2088312145
  specs:
    capistrano_nrel_ext (0.2.22)
      artii
      capistrano
      chronic (>= 0.6.0)
      diffy
      erubis (>= 2.6.0)
      net-ssh (~> 2.4.0)
      tzinfo (>= 0.3.0)

GEM
  remote: https://rubygems.org/
  specs:
    activemodel (3.2.9)
      activesupport (= 3.2.9)
      builder (~> 3.0.0)
    activesupport (3.2.9)
      i18n (~> 0.6)
      multi_json (~> 1.0)
    artii (2.0.3)
    builder (3.0.4)
    capistrano (2.13.5)
      highline
      net-scp (>= 1.0.0)
      net-sftp (>= 2.0.0)
      net-ssh (>= 2.0.14)
      net-ssh-gateway (>= 1.1.0)
    capistrano-ext (1.2.1)
      capistrano (>= 1.0.0)
    chronic (0.8.0)
    daemons (1.1.9)
    diffy (2.1.0)
    em-proxy (0.1.7)
      eventmachine
    erubis (2.7.0)
    eventmachine (1.0.0)
    highline (1.6.15)
    hiredis (0.4.5)
    http_parser.rb (0.5.3)
    i18n (0.6.1)
    jruby-pageant (1.1.1)
    mongoid (3.0.14)
      activemodel (~> 3.1)
      moped (~> 1.1)
      origin (~> 1.0)
      tzinfo (~> 0.3.22)
    moped (1.3.0)
    multi_json (1.3.7)
    net-scp (1.0.4)
      net-ssh (>= 1.99.1)
    net-sftp (2.0.5)
      net-ssh (>= 2.0.9)
    net-ssh (2.4.0)
      jruby-pageant (>= 1.0.2)
    net-ssh-gateway (1.1.0)
      net-ssh (>= 1.99.1)
    origin (1.0.11)
    rack (1.4.1)
    rack-throttle (0.3.0)
      rack (>= 1.0.0)
    redis (3.0.2)
    thin (1.5.0)
      daemons (>= 1.0.9)
      eventmachine (>= 0.12.6)
      rack (>= 1.0.0)
    trollop (2.0)
    tzinfo (0.3.35)
    yajl-ruby (1.1.0)

PLATFORMS
  ruby

DEPENDENCIES
  api-umbrella-gatekeeper!
  capistrano-ext
  capistrano_nrel_ext!
