GEM
  remote: http://rubygems.org/
  specs:
    activemodel (3.2.8)
      activesupport (= 3.2.8)
      builder (~> 3.0.0)
    activesupport (3.2.8)
      i18n (~> 0.6)
      multi_json (~> 1.0)
    bson (1.3.1)
    bson_ext (1.3.1)
    builder (3.0.0)
    daemons (1.1.9)
    database_cleaner (0.8.0)
    diff-lcs (1.1.3)
    em-proxy (0.1.6)
      eventmachine
    eventmachine (1.0.0.rc.4)
    factory_girl (4.0.0)
      activesupport (>= 3.0.0)
    hiredis (0.4.5)
    http_parser.rb (0.5.3)
    i18n (0.6.0)
    kramdown (0.13.7)
    mongo (1.3.1)
      bson (>= 1.3.1)
    mongoid (2.4.12)
      activemodel (~> 3.1)
      mongo (<= 1.6.2)
      tzinfo (~> 0.3.22)
    multi_json (1.3.6)
    nokogiri (1.5.5)
    rack (1.4.1)
    rack-test (0.6.1)
      rack (>= 1.0)
    rack-throttle (0.3.0)
      rack (>= 1.0.0)
    redis (3.0.1)
    rspec (2.11.0)
      rspec-core (~> 2.11.0)
      rspec-expectations (~> 2.11.0)
      rspec-mocks (~> 2.11.0)
    rspec-core (2.11.1)
    rspec-expectations (2.11.2)
      diff-lcs (~> 1.1.3)
    rspec-mocks (2.11.2)
    thin (1.4.1)
      daemons (>= 1.0.9)
      eventmachine (>= 0.12.6)
      rack (>= 1.0.0)
    timecop (0.4.5)
    trollop (1.16.2)
    tzinfo (0.3.33)
    yajl-ruby (1.1.0)
    yard (0.8.2.1)

PLATFORMS
  ruby

DEPENDENCIES
  activesupport (~> 3.2.7)
  bson (~> 1.3.1)
  bson_ext (~> 1.3.1)
  database_cleaner
  em-proxy
  eventmachine (>= 1.0.0.rc.4)
  factory_girl
  hiredis
  http_parser.rb
  kramdown
  mongoid (~> 2.4.12)
  nokogiri
  rack
  rack-test
  rack-throttle
  redis
  rspec
  thin
  timecop
  trollop
  yajl-ruby
  yard
