GIT
  remote: http://github.com/NREL/capistrano_nrel_ext.git
  revision: 99aa23b0278690f259291fa40ca6ea181c098571
  specs:
    capistrano_nrel_ext (0.3.0)
      artii
      capistrano
      chronic (>= 0.6.0)
      diffy
      erubis (>= 2.6.0)
      highline
      net-ssh (~> 2.4.0)
      tzinfo (>= 0.3.0)

GEM
  remote: http://rubygems.org/
  specs:
    artii (2.0.3)
    capistrano (2.15.4)
      highline
      net-scp (>= 1.0.0)
      net-sftp (>= 2.0.0)
      net-ssh (>= 2.0.14)
      net-ssh-gateway (>= 1.1.0)
    capistrano-ext (1.2.1)
      capistrano (>= 1.0.0)
    chronic (0.9.1)
    diffy (2.1.4)
    erubis (2.7.0)
    highline (1.6.18)
    jruby-pageant (1.1.1)
    net-scp (1.0.4)
      net-ssh (>= 1.99.1)
    net-sftp (2.0.5)
      net-ssh (>= 2.0.9)
    net-ssh (2.4.0)
      jruby-pageant (>= 1.0.2)
    net-ssh-gateway (1.1.0)
      net-ssh (>= 1.99.1)
    tzinfo (0.3.37)

PLATFORMS
  ruby

DEPENDENCIES
  capistrano-ext
  capistrano_nrel_ext!
