GEM
  remote: https://rubygems.org/
  specs:
    activesupport (5.0.0)
      concurrent-ruby (~> 1.0, >= 1.0.2)
      i18n (~> 0.7)
      minitest (~> 5.1)
      tzinfo (~> 1.1)
    ansi (1.5.0)
    awesome_print (1.7.0)
    bson (4.1.1)
    builder (3.2.2)
    childprocess (0.5.9)
      ffi (~> 1.0, >= 1.0.11)
    concurrent-ruby (1.0.2)
    ethon (0.9.0)
      ffi (>= 1.3.0)
    ffi (1.9.13)
    i18n (0.7.0)
    minitest (5.9.0)
    minitest-reporters (1.1.10)
      ansi
      builder
      minitest (>= 5.0)
      ruby-progressbar
    mongo (2.2.5)
      bson (~> 4.0)
    multi_json (1.12.1)
    oj (2.17.1)
    rake (11.2.2)
    ruby-progressbar (1.8.1)
    thread_safe (0.3.5)
    typhoeus (1.0.2)
      ethon (>= 0.9.0)
    tzinfo (1.2.2)
      thread_safe (~> 0.1)

PLATFORMS
  ruby

DEPENDENCIES
  activesupport (~> 5.0.0)
  awesome_print (~> 1.7.0)
  childprocess (~> 0.5.9)
  minitest (~> 5.9.0)
  minitest-reporters (~> 1.1.10)
  mongo (~> 2.2.5)
  multi_json (~> 1.12.1)
  oj (~> 2.17.1)
  rake (~> 11.2.2)
  typhoeus (~> 1.0.2)

BUNDLED WITH
   1.12.5
