GEM
  remote: http://rubygems.org/
  specs:
    SystemTimer (1.2.3)
    activemodel (3.0.6)
      activesupport (= 3.0.6)
      builder (~> 2.1.2)
      i18n (~> 0.5.0)
    activesupport (3.0.6)
    bson (1.3.0)
    bson_ext (1.3.0)
    builder (2.1.2)
    daemons (1.1.2)
    database_cleaner (0.6.6)
    diff-lcs (1.1.2)
    eventmachine (0.12.10)
    factory_girl (1.3.3)
    hiredis (0.3.1)
    i18n (0.5.0)
    kramdown (0.13.2)
    mongo (1.3.0)
      bson (>= 1.3.0)
    mongo_ext (0.19.3)
    mongoid (2.0.1)
      activemodel (~> 3.0)
      mongo (~> 1.3)
      tzinfo (~> 0.3.22)
      will_paginate (~> 3.0.pre)
    nokogiri (1.4.4)
    proxymachine (1.2.4)
      eventmachine (>= 0.12.10)
    rack (1.2.2)
    rack-test (0.5.7)
      rack (>= 1.0)
    rack-throttle (0.3.0)
      rack (>= 1.0.0)
    redis (2.2.0)
    rspec (2.5.0)
      rspec-core (~> 2.5.0)
      rspec-expectations (~> 2.5.0)
      rspec-mocks (~> 2.5.0)
    rspec-core (2.5.1)
    rspec-expectations (2.5.0)
      diff-lcs (~> 1.1.2)
    rspec-mocks (2.5.0)
    thin (1.2.11)
      daemons (>= 1.0.9)
      eventmachine (>= 0.12.6)
      rack (>= 1.0.0)
    timecop (0.3.5)
    tzinfo (0.3.26)
    will_paginate (3.0.pre2)
    yajl-ruby (0.8.2)
    yard (0.6.7)

PLATFORMS
  ruby

DEPENDENCIES
  SystemTimer (= 1.2.3)
  activesupport (= 3.0.6)
  bson_ext (= 1.3.0)
  database_cleaner (= 0.6.6)
  factory_girl (= 1.3.3)
  hiredis (= 0.3.1)
  kramdown (= 0.13.2)
  mongo_ext (= 0.19.3)
  mongoid (= 2.0.1)
  nokogiri (= 1.4.4)
  proxymachine (= 1.2.4)
  rack (= 1.2.2)
  rack-test (= 0.5.7)
  rack-throttle (= 0.3.0)
  redis (= 2.2.0)
  rspec (= 2.5.0)
  thin (= 1.2.11)
  timecop (= 0.3.5)
  yajl-ruby (= 0.8.2)
  yard (= 0.6.7)
