GEM
  remote: http://rubygems.org/
  specs:
    SystemTimer (1.2.3)
    activemodel (3.0.10)
      activesupport (= 3.0.10)
      builder (~> 2.1.2)
      i18n (~> 0.5.0)
    activesupport (3.0.10)
    bson (1.3.1)
    bson_ext (1.3.1)
    builder (2.1.2)
    daemons (1.1.4)
    database_cleaner (0.6.7)
    diff-lcs (1.1.3)
    eventmachine (0.12.10)
    factory_girl (2.1.0)
    hiredis (0.3.2)
    i18n (0.5.0)
    kramdown (0.13.3)
    mongo (1.3.1)
      bson (>= 1.3.1)
    mongoid (2.2.0)
      activemodel (~> 3.0)
      mongo (~> 1.3)
      tzinfo (~> 0.3.22)
    nokogiri (1.5.0)
    proxymachine (1.2.4)
      eventmachine (>= 0.12.10)
    rack (1.3.3)
    rack-test (0.6.1)
      rack (>= 1.0)
    rack-throttle (0.3.0)
      rack (>= 1.0.0)
    redis (2.2.2)
    rspec (2.6.0)
      rspec-core (~> 2.6.0)
      rspec-expectations (~> 2.6.0)
      rspec-mocks (~> 2.6.0)
    rspec-core (2.6.4)
    rspec-expectations (2.6.0)
      diff-lcs (~> 1.1.2)
    rspec-mocks (2.6.0)
    thin (1.2.11)
      daemons (>= 1.0.9)
      eventmachine (>= 0.12.6)
      rack (>= 1.0.0)
    timecop (0.3.5)
    tzinfo (0.3.29)
    yajl-ruby (1.0.0)
    yard (0.7.2)

PLATFORMS
  ruby

DEPENDENCIES
  SystemTimer (= 1.2.3)
  activesupport (~> 3.0.10)
  bson_ext
  database_cleaner
  factory_girl
  hiredis
  kramdown
  mongoid
  nokogiri
  proxymachine
  rack
  rack-test
  rack-throttle
  redis
  rspec
  thin
  timecop
  yajl-ruby
  yard
