GEM
  remote: http://rubygems.org/
  specs:
    activesupport (2.3.8)
    bson (1.1.5)
    bson_ext (1.0.4)
    daemons (1.1.0)
    eventmachine (0.12.10)
    jnunemaker-validatable (1.8.4)
      activesupport (>= 2.3.4)
    mongo (1.1.5)
      bson (>= 1.1.5)
    mongo_ext (0.19.3)
    mongo_mapper (0.8.3)
      activesupport (>= 2.3.4)
      jnunemaker-validatable (~> 1.8.4)
      plucky (~> 0.3.3)
    plucky (0.3.6)
      mongo (~> 1.1)
    rack (1.2.1)
    rack-throttle (0.3.0)
      rack (>= 1.0.0)
    redis (2.0.3)
    thin (1.2.7)
      daemons (>= 1.0.9)
      eventmachine (>= 0.12.6)
      rack (>= 1.0.0)
    yajl-ruby (0.7.7)

PLATFORMS
  ruby

DEPENDENCIES
  activesupport (= 2.3.8)
  bson_ext (= 1.0.4)
  bundler
  mongo_ext (= 0.19.3)
  mongo_mapper (= 0.8.3)
  rack (= 1.2.1)
  rack-throttle (= 0.3.0)
  redis (= 2.0.3)
  thin (= 1.2.7)
  yajl-ruby (= 0.7.7)
